{
	"ECGChannelCount": 0,
	"EEGChannelCount": 63,
	"EEGReference": "Fcz",
	"EMGChannelCount": 0,
	"EOGChannelCount": 0,
	"InstitutionAddress": "Paseo de la Cartuja StreetNo,Granada,Granada,ES,18011",
	"InstitutionName": "University of Granada, CIMCYC",
	"InstitutionalDepartmentName": "Department of Experimental Psychology",
	"MiscChannelCount": 0,
	"PowerLineFrequency": 50,
	"RecordingDuration": 7246.14,
	"SamplingFrequency": 1000,
	"SoftwareFilters": {
		"FilterDescription": {
			"Description": "N\/A"
		}
	},
	"TaskDescription": "Subjects were cued to respond to faces or names depending on the trials. In high competition blocks, the target and distractor were presented at the same time. In low competition blocks, the target was presented before the distractor.",
	"TaskName": "Competition",
	"TriggerChannelCount": 0
}
